GEM
  remote: http://rubygems.org/
  specs:
    couchrest (1.1.1)
      mime-types (~> 1.15)
      multi_json (~> 1.0.0)
      rest-client (~> 1.6.1)
    daemons (1.1.4)
    eventmachine (0.12.10)
    haml (3.1.2)
    mime-types (1.16)
    multi_json (1.0.3)
    rack (1.3.2)
    rest-client (1.6.3)
      mime-types (>= 1.16)
    sinatra (1.2.6)
      rack (~> 1.1)
      tilt (< 2.0, >= 1.2.2)
    thin (1.2.11)
      daemons (>= 1.0.9)
      eventmachine (>= 0.12.6)
      rack (>= 1.0.0)
    tilt (1.3.2)

PLATFORMS
  ruby

DEPENDENCIES
  couchrest
  haml
  sinatra
  thin
