GEM
  remote: http://rubygems.org/
  specs:
    activemodel (3.0.9)
      activesupport (= 3.0.9)
      builder (~> 2.1.2)
      i18n (~> 0.5.0)
    activesupport (3.0.9)
    builder (2.1.2)
    coffee-script (2.2.0)
      coffee-script-source
      execjs
    coffee-script-source (1.1.2)
    couchrest (1.1.1)
      mime-types (~> 1.15)
      multi_json (~> 1.0.0)
      rest-client (~> 1.6.1)
    couchrest_model (1.1.1)
      activemodel (~> 3.0)
      couchrest (= 1.1.1)
      mime-types (~> 1.15)
      tzinfo (~> 0.3.22)
    daemons (1.1.4)
    eventmachine (0.12.10)
    execjs (1.2.4)
      multi_json (~> 1.0)
    haml (3.1.2)
    i18n (0.5.0)
    less (2.0.5)
      therubyracer (~> 0.9.2)
    libv8 (3.3.10.2)
    mime-types (1.16)
    multi_json (1.0.3)
    rack (1.3.2)
    rest-client (1.6.3)
      mime-types (>= 1.16)
    sinatra (1.2.6)
      rack (~> 1.1)
      tilt (< 2.0, >= 1.2.2)
    therubyracer (0.9.4)
      libv8 (~> 3.3.10)
    thin (1.2.11)
      daemons (>= 1.0.9)
      eventmachine (>= 0.12.6)
      rack (>= 1.0.0)
    tilt (1.3.2)
    tzinfo (0.3.29)

PLATFORMS
  ruby

DEPENDENCIES
  coffee-script
  couchrest_model
  haml
  less
  sinatra
  thin
